GEM
  remote: https://rubygems.org/
  specs:
    mustermann (1.1.2)
      ruby2_keywords (~> 0.0.1)
    rack (2.2.4)
    rack-protection (2.2.1)
      rack
    ruby2_keywords (0.0.5)
    sinatra (2.2.1)
      mustermann (~> 1.0)
      rack (~> 2.2)
      rack-protection (= 2.2.1)
      tilt (~> 2.0)
    sinatra-cross_origin (0.3.2)
    tilt (2.0.10)
    webrick (1.7.0)

PLATFORMS
  ruby

DEPENDENCIES
  sinatra
  sinatra-cross_origin
  webrick

BUNDLED WITH
   2.1.4
